PATH
  remote: .
  specs:
    redis-types (0.1.0)
      activesupport
      redis (>= 2.2)
      redis-namespace-with-multi

GEM
  remote: http://rubygems.org/
  specs:
    activesupport (3.2.8)
      i18n (~> 0.6)
      multi_json (~> 1.0)
    autotest-standalone (4.5.9)
    coderay (1.0.7)
    diff-lcs (1.1.3)
    i18n (0.6.0)
    method_source (0.8)
    multi_json (1.3.6)
    pry (0.9.10)
      coderay (~> 1.0.5)
      method_source (~> 0.8)
      slop (~> 3.3.1)
    rake (0.9.2.2)
    redis (3.0.1)
    redis-namespace-with-multi (1.2.1)
      redis (~> 3.0.0)
    rspec (2.11.0)
      rspec-core (~> 2.11.0)
      rspec-expectations (~> 2.11.0)
      rspec-mocks (~> 2.11.0)
    rspec-core (2.11.1)
    rspec-expectations (2.11.2)
      diff-lcs (~> 1.1.3)
    rspec-mocks (2.11.2)
    slop (3.3.2)

PLATFORMS
  ruby

DEPENDENCIES
  autotest-standalone
  pry
  rake
  redis-types!
  rspec
